GEM
  remote: https://rubygems.org/
  specs:
    bigdecimal (3.1.8)
    hana (1.3.7)
    json_schemer (2.3.0)
      bigdecimal
      hana (~> 1.3)
      regexp_parser (~> 2.0)
      simpleidn (~> 0.2)
    regexp_parser (2.9.2)
    simpleidn (0.2.3)

PLATFORMS
  arm64-darwin-21
  ruby

DEPENDENCIES
  json_schemer

BUNDLED WITH
   2.5.2
