GEM
  remote: https://rubygems.org/
  specs:
    commonmarker (0.23.10)
    openapi3_parser (0.9.2)
      commonmarker (~> 0.17)

PLATFORMS
  arm64-darwin-21
  ruby

DEPENDENCIES
  openapi3_parser

BUNDLED WITH
   2.5.2
